GEM
  remote: https://rubygems.org/
  specs:
    CFPropertyList (2.3.6)
    aasm (5.0.1)
      concurrent-ruby (~> 1.0)
    actioncable (5.2.2)
      actionpack (= 5.2.2)
      nio4r (~> 2.0)
      websocket-driver (>= 0.6.1)
    actionmailer (5.2.2)
      actionpack (= 5.2.2)
      actionview (= 5.2.2)
      activejob (= 5.2.2)
      mail (~> 2.5, >= 2.5.4)
      rails-dom-testing (~> 2.0)
    actionpack (5.2.2)
      actionview (= 5.2.2)
      activesupport (= 5.2.2)
      rack (~> 2.0)
      rack-test (>= 0.6.3)
      rails-dom-testing (~> 2.0)
      rails-html-sanitizer (~> 1.0, >= 1.0.2)
    actionview (5.2.2)
      activesupport (= 5.2.2)
      builder (~> 3.1)
      erubi (~> 1.4)
      rails-dom-testing (~> 2.0)
      rails-html-sanitizer (~> 1.0, >= 1.0.3)
    active_model_serializers (0.10.8)
      actionpack (>= 4.1, < 6)
      activemodel (>= 4.1, < 6)
      case_transform (>= 0.2)
      jsonapi-renderer (>= 0.1.1.beta1, < 0.3)
    activejob (5.2.2)
      activesupport (= 5.2.2)
      globalid (>= 0.3.6)
    activemodel (5.2.2)
      activesupport (= 5.2.2)
    activerecord (5.2.2)
      activemodel (= 5.2.2)
      activesupport (= 5.2.2)
      arel (>= 9.0)
    activestorage (5.2.2)
      actionpack (= 5.2.2)
      activerecord (= 5.2.2)
      marcel (~> 0.3.1)
    activesupport (5.2.2)
      concurrent-ruby (~> 1.0, >= 1.0.2)
      i18n (>= 0.7, < 2)
      minitest (~> 5.1)
      tzinfo (~> 1.1)
    addressable (2.5.2)
      public_suffix (>= 2.0.2, < 4.0)
    airbrussh (1.3.1)
      sshkit (>= 1.6.1, != 1.7.0)
    anycable (0.6.0)
      anyway_config (~> 1.4.1)
      grpc (~> 1.15)
    anycable-rails (0.6.1)
      anycable (~> 0.6.0)
      rails (>= 5)
    anyway_config (1.4.1)
    arel (9.0.0)
    autoprefixer-rails (9.4.2)
      execjs
    aws-eventstream (1.0.1)
    aws-partitions (1.123.0)
    aws-sdk-core (3.44.0)
      aws-eventstream (~> 1.0)
      aws-partitions (~> 1.0)
      aws-sigv4 (~> 1.0)
      jmespath (~> 1.0)
    aws-sdk-kms (1.13.0)
      aws-sdk-core (~> 3, >= 3.39.0)
      aws-sigv4 (~> 1.0)
    aws-sdk-s3 (1.30.0)
      aws-sdk-core (~> 3, >= 3.39.0)
      aws-sdk-kms (~> 1)
      aws-sigv4 (~> 1.0)
    aws-sigv4 (1.0.3)
    babel-source (5.8.35)
    babel-transpiler (0.7.0)
      babel-source (>= 4.0, < 6)
      execjs (~> 2.0)
    bcrypt (3.1.12)
    bindex (0.5.0)
    bootsnap (1.3.2)
      msgpack (~> 1.0)
    bootstrap (4.1.3)
      autoprefixer-rails (>= 6.0.3)
      popper_js (>= 1.12.9, < 2)
      sass (>= 3.5.2)
    builder (3.2.3)
    capistrano (3.11.0)
      airbrussh (>= 1.0.0)
      i18n
      rake (>= 10.0.0)
      sshkit (>= 1.9.0)
    capistrano-bundler (1.4.0)
      capistrano (~> 3.1)
      sshkit (~> 1.2)
    capistrano-passenger (0.2.0)
      capistrano (~> 3.0)
    capistrano-rails (1.4.0)
      capistrano (~> 3.1)
      capistrano-bundler (~> 1.1)
    capistrano-rvm (0.1.2)
      capistrano (~> 3.0)
      sshkit (~> 1.2)
    capistrano-sidekiq (1.0.2)
      capistrano (>= 3.9.0)
      sidekiq (>= 3.4)
    carrierwave (1.2.3)
      activemodel (>= 4.0.0)
      activesupport (>= 4.0.0)
      mime-types (>= 1.16)
    case_transform (0.2)
      activesupport
    clipboard-rails (1.7.1)
    coderay (1.1.2)
    coffee-rails (4.2.2)
      coffee-script (>= 2.2.0)
      railties (>= 4.0.0)
    coffee-script (2.4.1)
      coffee-script-source
      execjs
    coffee-script-source (1.12.2)
    concurrent-ruby (1.1.3)
    connection_pool (2.2.2)
    crass (1.0.4)
    devise (4.5.0)
      bcrypt (~> 3.0)
      orm_adapter (~> 0.1)
      railties (>= 4.1.0, < 6.0)
      responders
      warden (~> 1.2.3)
    devise-bootstrap-views (1.1.0)
    devise-i18n (1.7.0)
      devise (>= 4.5)
    diff-lcs (1.3)
    domain_name (0.5.20180417)
      unf (>= 0.0.5, < 1.0.0)
    erubi (1.7.1)
    et-orbi (1.1.6)
      tzinfo
    excon (0.62.0)
    execjs (2.7.0)
    faraday (0.15.4)
      multipart-post (>= 1.2, < 3)
    ffi (1.9.25)
    fission (0.5.0)
      CFPropertyList (~> 2.2)
    fog (2.0.0)
      fog-aliyun (>= 0.1.0)
      fog-atmos
      fog-aws (>= 0.6.0)
      fog-brightbox (~> 0.4)
      fog-cloudatcost (~> 0.1.0)
      fog-core (~> 1.45)
      fog-digitalocean (>= 0.3.0)
      fog-dnsimple (~> 1.0)
      fog-dynect (~> 0.0.2)
      fog-ecloud (~> 0.1)
      fog-google (<= 0.1.0)
      fog-internet-archive
      fog-joyent
      fog-json
      fog-local
      fog-openstack
      fog-ovirt
      fog-powerdns (>= 0.1.1)
      fog-profitbricks
      fog-rackspace
      fog-radosgw (>= 0.0.2)
      fog-riakcs
      fog-sakuracloud (>= 0.0.4)
      fog-serverlove
      fog-softlayer
      fog-storm_on_demand
      fog-terremark
      fog-vmfusion
      fog-voxel
      fog-vsphere (>= 0.4.0)
      fog-xenserver
      fog-xml (~> 0.1.1)
      ipaddress (~> 0.5)
      json (~> 2.0)
    fog-aliyun (0.2.1)
      fog-core (~> 1.27)
      fog-json (~> 1.0)
      ipaddress (~> 0.8)
      xml-simple (~> 1.1)
    fog-atmos (0.1.0)
      fog-core
      fog-xml
    fog-aws (2.0.1)
      fog-core (~> 1.38)
      fog-json (~> 1.0)
      fog-xml (~> 0.1)
      ipaddress (~> 0.8)
    fog-brightbox (0.14.0)
      fog-core (~> 1.22)
      fog-json
      inflecto (~> 0.0.2)
    fog-cloudatcost (0.1.2)
      fog-core (~> 1.36)
      fog-json (~> 1.0)
      fog-xml (~> 0.1)
      ipaddress (~> 0.8)
    fog-core (1.45.0)
      builder
      excon (~> 0.58)
      formatador (~> 0.2)
    fog-digitalocean (0.3.0)
      fog-core (~> 1.42)
      fog-json (>= 1.0)
      fog-xml (>= 0.1)
      ipaddress (>= 0.5)
    fog-dnsimple (1.0.0)
      fog-core (~> 1.38)
      fog-json (~> 1.0)
    fog-dynect (0.0.3)
      fog-core
      fog-json
      fog-xml
    fog-ecloud (0.3.0)
      fog-core
      fog-xml
    fog-google (0.1.0)
      fog-core
      fog-json
      fog-xml
    fog-internet-archive (0.0.1)
      fog-core
      fog-json
      fog-xml
    fog-joyent (0.0.1)
      fog-core (~> 1.42)
      fog-json (>= 1.0)
    fog-json (1.0.2)
      fog-core (~> 1.0)
      multi_json (~> 1.10)
    fog-local (0.5.0)
      fog-core (>= 1.27, < 3.0)
    fog-openstack (0.1.25)
      fog-core (~> 1.40)
      fog-json (>= 1.0)
      ipaddress (>= 0.8)
    fog-ovirt (1.0.3)
      fog-core (~> 1.45)
      fog-json
      fog-xml (~> 0.1.1)
      ovirt-engine-sdk (>= 4.1.3)
      rbovirt (~> 0.1.5)
    fog-powerdns (0.1.1)
      fog-core (~> 1.27)
      fog-json (~> 1.0)
      fog-xml (~> 0.1)
    fog-profitbricks (4.1.1)
      fog-core (~> 1.42)
      fog-json (~> 1.0)
    fog-rackspace (0.1.5)
      fog-core (>= 1.35)
      fog-json (>= 1.0)
      fog-xml (>= 0.1)
      ipaddress (>= 0.8)
    fog-radosgw (0.0.5)
      fog-core (>= 1.21.0)
      fog-json
      fog-xml (>= 0.0.1)
    fog-riakcs (0.1.0)
      fog-core
      fog-json
      fog-xml
    fog-sakuracloud (1.7.5)
      fog-core
      fog-json
    fog-serverlove (0.1.2)
      fog-core
      fog-json
    fog-softlayer (1.1.4)
      fog-core
      fog-json
    fog-storm_on_demand (0.1.1)
      fog-core
      fog-json
    fog-terremark (0.1.0)
      fog-core
      fog-xml
    fog-vmfusion (0.1.0)
      fission
      fog-core
    fog-voxel (0.1.0)
      fog-core
      fog-xml
    fog-vsphere (2.1.1)
      fog-core
      rbvmomi (~> 1.9)
    fog-xenserver (0.3.0)
      fog-core
      fog-xml
    fog-xml (0.1.3)
      fog-core
      nokogiri (>= 1.5.11, < 2.0.0)
    font-awesome-rails (4.7.0.4)
      railties (>= 3.2, < 6.0)
    formatador (0.2.5)
    friendly_id (5.2.4)
      activerecord (>= 4.0.0)
    fugit (1.1.6)
      et-orbi (~> 1.1, >= 1.1.6)
      raabro (~> 1.1)
    globalid (0.4.1)
      activesupport (>= 4.2.0)
    gon (6.2.1)
      actionpack (>= 3.0)
      multi_json
      request_store (>= 1.0)
    google-protobuf (3.6.1)
    googleapis-common-protos-types (1.0.2)
      google-protobuf (~> 3.0)
    grpc (1.17.0)
      google-protobuf (~> 3.1)
      googleapis-common-protos-types (~> 1.0.0)
    hashie (3.6.0)
    http-cookie (1.0.3)
      domain_name (~> 0.5)
    i18n (1.1.1)
      concurrent-ruby (~> 1.0)
    impressionist (1.6.1)
      nokogiri (~> 1)
    inflecto (0.0.2)
    ipaddress (0.8.3)
    jbuilder (2.8.0)
      activesupport (>= 4.2.0)
      multi_json (>= 1.2)
    jmespath (1.4.0)
    jquery-rails (4.3.3)
      rails-dom-testing (>= 1, < 3)
      railties (>= 4.2.0)
      thor (>= 0.14, < 2.0)
    json (2.1.0)
    jsonapi-renderer (0.2.0)
    jwt (2.1.0)
    koala (3.0.0)
      addressable
      faraday
      json (>= 1.8)
    launchy (2.4.3)
      addressable (~> 2.3)
    letter_opener (1.7.0)
      launchy (~> 2.2)
    listen (3.1.5)
      rb-fsevent (~> 0.9, >= 0.9.4)
      rb-inotify (~> 0.9, >= 0.9.7)
      ruby_dep (~> 1.2)
    loofah (2.2.3)
      crass (~> 1.0.2)
      nokogiri (>= 1.5.9)
    mail (2.7.1)
      mini_mime (>= 0.1.1)
    marcel (0.3.3)
      mimemagic (~> 0.3.2)
    meta-tags (2.11.0)
      actionpack (>= 3.2.0, < 5.3)
    method_source (0.9.2)
    mime-types (3.2.2)
      mime-types-data (~> 3.2015)
    mime-types-data (3.2018.0812)
    mimemagic (0.3.2)
    mini_magick (4.9.2)
    mini_mime (1.0.1)
    mini_portile2 (2.3.0)
    minitest (5.11.3)
    msgpack (1.2.4)
    multi_json (1.13.1)
    multi_xml (0.6.0)
    multipart-post (2.0.0)
    nested_form_fields (0.8.2)
      coffee-rails (>= 3.2.1)
      jquery-rails
      rails (>= 3.2.0)
    net-scp (1.2.1)
      net-ssh (>= 2.6.5)
    net-ssh (5.0.2)
    netrc (0.11.0)
    nio4r (2.3.1)
    nokogiri (1.8.5)
      mini_portile2 (~> 2.3.0)
    oauth2 (1.4.1)
      faraday (>= 0.8, < 0.16.0)
      jwt (>= 1.0, < 3.0)
      multi_json (~> 1.3)
      multi_xml (~> 0.5)
      rack (>= 1.2, < 3)
    omniauth (1.9.0)
      hashie (>= 3.4.6, < 3.7.0)
      rack (>= 1.6.2, < 3)
    omniauth-facebook (5.0.0)
      omniauth-oauth2 (~> 1.2)
    omniauth-google-oauth2 (0.5.4)
      jwt (>= 1.5)
      omniauth (>= 1.1.1)
      omniauth-oauth2 (>= 1.5)
    omniauth-oauth2 (1.6.0)
      oauth2 (~> 1.1)
      omniauth (~> 1.9)
    orm_adapter (0.5.0)
    ovirt-engine-sdk (4.2.4)
      json (>= 1, < 3)
    pg (1.1.3)
    popper_js (1.14.5)
    pry (0.12.2)
      coderay (~> 1.1.0)
      method_source (~> 0.9.0)
    pry-rails (0.3.8)
      pry (>= 0.10.4)
    public_suffix (3.0.3)
    puma (3.12.0)
    raabro (1.1.6)
    rack (2.0.6)
    rack-protection (2.0.5)
      rack
    rack-proxy (0.6.5)
      rack
    rack-test (1.1.0)
      rack (>= 1.0, < 3)
    rails (5.2.2)
      actioncable (= 5.2.2)
      actionmailer (= 5.2.2)
      actionpack (= 5.2.2)
      actionview (= 5.2.2)
      activejob (= 5.2.2)
      activemodel (= 5.2.2)
      activerecord (= 5.2.2)
      activestorage (= 5.2.2)
      activesupport (= 5.2.2)
      bundler (>= 1.3.0)
      railties (= 5.2.2)
      sprockets-rails (>= 2.0.0)
    rails-dom-testing (2.0.3)
      activesupport (>= 4.2.0)
      nokogiri (>= 1.6)
    rails-html-sanitizer (1.0.4)
      loofah (~> 2.2, >= 2.2.2)
    railties (5.2.2)
      actionpack (= 5.2.2)
      activesupport (= 5.2.2)
      method_source
      rake (>= 0.8.7)
      thor (>= 0.19.0, < 2.0)
    rake (12.3.2)
    rb-fsevent (0.10.3)
    rb-inotify (0.9.10)
      ffi (>= 0.5.0, < 2)
    rbovirt (0.1.5)
      nokogiri
      rest-client (> 1.7.0)
    rbvmomi (1.12.0)
      builder (~> 3.0)
      json (>= 1.8)
      nokogiri (~> 1.5)
      trollop (~> 2.1)
    react-rails (2.4.7)
      babel-transpiler (>= 0.7.0)
      connection_pool
      execjs
      railties (>= 3.2)
      tilt
    redis (4.0.3)
    request_store (1.4.1)
      rack (>= 1.4)
    responders (2.4.0)
      actionpack (>= 4.2.0, < 5.3)
      railties (>= 4.2.0, < 5.3)
    rest-client (2.0.2)
      http-cookie (>= 1.0.2, < 2.0)
      mime-types (>= 1.16, < 4.0)
      netrc (~> 0.8)
    rspec-core (3.8.0)
      rspec-support (~> 3.8.0)
    rspec-expectations (3.8.2)
      diff-lcs (>= 1.2.0, < 2.0)
      rspec-support (~> 3.8.0)
    rspec-mocks (3.8.0)
      diff-lcs (>= 1.2.0, < 2.0)
      rspec-support (~> 3.8.0)
    rspec-rails (3.8.1)
      actionpack (>= 3.0)
      activesupport (>= 3.0)
      railties (>= 3.0)
      rspec-core (~> 3.8.0)
      rspec-expectations (~> 3.8.0)
      rspec-mocks (~> 3.8.0)
      rspec-support (~> 3.8.0)
    rspec-support (3.8.0)
    ruby_dep (1.5.0)
    sass (3.7.2)
      sass-listen (~> 4.0.0)
    sass-listen (4.0.0)
      rb-fsevent (~> 0.9, >= 0.9.4)
      rb-inotify (~> 0.9, >= 0.9.7)
    sass-rails (5.0.7)
      railties (>= 4.0.0, < 6)
      sass (~> 3.1)
      sprockets (>= 2.8, < 4.0)
      sprockets-rails (>= 2.0, < 4.0)
      tilt (>= 1.1, < 3)
    select2-rails (4.0.3)
      thor (~> 0.14)
    sidekiq (5.2.3)
      connection_pool (~> 2.2, >= 2.2.2)
      rack-protection (>= 1.5.0)
      redis (>= 3.3.5, < 5)
    sidekiq-cron (1.0.4)
      fugit (~> 1.1)
      sidekiq (>= 4.2.1)
    sidekiq-unique-jobs (6.0.7)
      concurrent-ruby (~> 1.0, >= 1.0.5)
      sidekiq (>= 4.0, < 6.0)
      thor (~> 0)
    simple_form (4.1.0)
      actionpack (>= 5.0)
      activemodel (>= 5.0)
    sprockets (3.7.2)
      concurrent-ruby (~> 1.0)
      rack (> 1, < 3)
    sprockets-rails (3.2.1)
      actionpack (>= 4.0)
      activesupport (>= 4.0)
      sprockets (>= 3.0.0)
    sshkit (1.18.0)
      net-scp (>= 1.1.2)
      net-ssh (>= 2.8.0)
    thor (0.20.3)
    thread_safe (0.3.6)
    tilt (2.0.9)
    toastr-rails (1.0.3)
      railties (>= 3.1.0)
    trollop (2.1.2)
    tzinfo (1.2.5)
      thread_safe (~> 0.1)
    uglifier (4.1.20)
      execjs (>= 0.3.0, < 3)
    unf (0.1.4)
      unf_ext
    unf_ext (0.0.7.5)
    warden (1.2.8)
      rack (>= 2.0.6)
    web-console (3.7.0)
      actionview (>= 5.0)
      activemodel (>= 5.0)
      bindex (>= 0.4.0)
      railties (>= 5.0)
    webpacker (3.5.5)
      activesupport (>= 4.2)
      rack-proxy (>= 0.6.1)
      railties (>= 4.2)
    websocket-driver (0.7.0)
      websocket-extensions (>= 0.1.0)
    websocket-extensions (0.1.3)
    will_paginate (3.1.6)
    will_paginate-bootstrap4 (0.2.2)
      will_paginate (~> 3.0, >= 3.0.0)
    xml-simple (1.1.5)

PLATFORMS
  ruby

DEPENDENCIES
  aasm
  active_model_serializers (~> 0.10.0)
  anycable-rails
  aws-sdk-s3
  bootsnap (>= 1.1.0)
  bootstrap (~> 4.1.3)
  capistrano-passenger
  capistrano-rails
  capistrano-rvm
  capistrano-sidekiq
  carrierwave
  clipboard-rails
  coffee-rails (~> 4.2)
  devise
  devise-bootstrap-views (~> 1.0)
  devise-i18n
  fog
  font-awesome-rails
  friendly_id (~> 5.2.4)
  gon
  impressionist
  jbuilder (~> 2.5)
  jquery-rails
  koala
  letter_opener
  listen (>= 3.0.5, < 3.2)
  meta-tags
  mini_magick (~> 4.8)
  nested_form_fields
  omniauth
  omniauth-facebook
  omniauth-google-oauth2
  pg (>= 0.18, < 2.0)
  popper_js (~> 1.11, >= 1.11.1)
  pry-rails
  puma (~> 3.11)
  rails (~> 5.2.2)
  react-rails
  redis (~> 4.0)
  rspec-rails
  sass-rails (~> 5.0)
  select2-rails
  sidekiq
  sidekiq-cron
  sidekiq-unique-jobs
  simple_form
  toastr-rails
  tzinfo-data
  uglifier (>= 1.3.0)
  web-console (>= 3.3.0)
  webpacker (~> 3.5)
  will_paginate (~> 3.1.0)
  will_paginate-bootstrap4

RUBY VERSION
   ruby 2.4.4p296

BUNDLED WITH
   1.16.1
